GEM
  remote: http://rubygems.org/
  specs:
    geocoder (1.0.5)
    git (1.2.5)
    httparty (0.8.1)
      multi_json
      multi_xml
    jeweler (1.6.4)
      bundler (~> 1.0)
      git (>= 1.2.5)
      rake
    json (1.6.1)
    mocha (0.9.10)
      rake
    multi_json (1.0.3)
    multi_xml (0.4.1)
    rake (0.9.2.2)
    rcov (0.9.11)
    rdoc (3.11)
      json (~> 1.4)
    shoulda (2.11.3)

PLATFORMS
  ruby

DEPENDENCIES
  bundler (~> 1.0.0)
  geocoder
  httparty
  jeweler (~> 1.6.4)
  json
  mocha
  rcov
  rdoc
  shoulda
